PATH
  remote: .
  specs:
    rocketchat-notifier (0.1.1)
      httparty (~> 0.13.7, >= 0.13.7)

GEM
  remote: https://rubygems.org/
  specs:
    httparty (0.13.7)
      json (~> 1.8)
      multi_xml (>= 0.5.2)
    json (1.8.6)
    minitest (5.9.1)
    multi_xml (0.6.0)
    rake (10.5.0)

PLATFORMS
  ruby

DEPENDENCIES
  bundler (~> 1.13)
  minitest (~> 5.0)
  rake (~> 10.0)
  rocketchat-notifier!

BUNDLED WITH
   1.16.1
